GEM
  remote: https://rubygems.org/
  specs:
    httparty (0.15.6)
      multi_xml (>= 0.5.2)
    jaro_winkler (1.5.0)
    multi_xml (0.6.0)
    rmagick (2.16.0)

PLATFORMS
  ruby

DEPENDENCIES
  httparty
  jaro_winkler
  rmagick

BUNDLED WITH
   1.15.0
